PATH
  remote: /Volumes/Users/sven/Development/projects/adva-cms2/adva-blog
  specs:
    adva-blog (0.0.3)
      adva-core
      truncate_html

PATH
  remote: /Volumes/Users/sven/Development/projects/adva-cms2/adva-cache
  specs:
    adva-cache (0.0.3)
      adva-core
      rack-cache-purge (= 0.0.2)
      rack-cache-tags (= 0.0.6)
      reference_tracking (= 0.0.4)

PATH
  remote: /Volumes/Users/sven/Development/projects/adva-cms2/adva-core
  specs:
    adva-core (0.0.3)
      activesupport-slices (= 0.0.1)
      gem_patching (= 0.0.2)
      i18n (= 0.5.0beta3)
      i18n-missing_translations (= 0.0.1)
      inherited_resources (= 1.1.2)
      inherited_resources_helpers (= 0.0.14)
      kronn-has_many_polymorphs (= 3.0.2)
      minimal (= 0.0.22)
      rails (= 3.0.3)
      routing-filter (= 0.2.0)
      silence_log_tailer (= 0.0.1)
      simple_form (= 1.2.2)
      simple_nested_set (= 0.0.24)
      simple_slugs (= 0.0.8)
      simple_table (= 0.0.12)

PATH
  remote: /Volumes/Users/sven/Development/projects/adva-cms2/adva-markup
  specs:
    adva-markup (0.0.3)
      RedCloth
      adva-core
      rdiscount

PATH
  remote: /Volumes/Users/sven/Development/projects/adva-cms2/adva-static
  specs:
    adva-static (0.0.3)
      adva-core
      nokogiri
      rack-cache
      watchr

GEM
  remote: http://rubygems.org/
  specs:
    RedCloth (4.2.3)
    abstract (1.0.0)
    actionmailer (3.0.3)
      actionpack (= 3.0.3)
      mail (~> 2.2.9)
    actionpack (3.0.3)
      activemodel (= 3.0.3)
      activesupport (= 3.0.3)
      builder (~> 2.1.2)
      erubis (~> 2.6.6)
      i18n (~> 0.4)
      rack (~> 1.2.1)
      rack-mount (~> 0.6.13)
      rack-test (~> 0.5.6)
      tzinfo (~> 0.3.23)
    activemodel (3.0.3)
      activesupport (= 3.0.3)
      builder (~> 2.1.2)
      i18n (~> 0.4)
    activerecord (3.0.3)
      activemodel (= 3.0.3)
      activesupport (= 3.0.3)
      arel (~> 2.0.2)
      tzinfo (~> 0.3.23)
    activeresource (3.0.3)
      activemodel (= 3.0.3)
      activesupport (= 3.0.3)
    activesupport (3.0.3)
    activesupport-slices (0.0.1)
    arel (2.0.4)
    builder (2.1.2)
    columnize (0.3.2)
    configuration (1.1.0)
    cucumber (0.9.0)
      builder (~> 2.1.2)
      diff-lcs (~> 1.1.2)
      gherkin (~> 2.2.2)
      json (~> 1.4.6)
      term-ansicolor (~> 1.0.5)
    cucumber-rails (0.3.2)
      cucumber (>= 0.8.0)
    database_cleaner (0.6.0)
    diff-lcs (1.1.2)
    erubis (2.6.6)
      abstract (>= 1.0.0)
    factory_girl (1.3.2)
    fakefs (0.2.1)
    gem_patching (0.0.2)
    gherkin (2.2.9)
      json (~> 1.4.6)
      term-ansicolor (~> 1.0.5)
    has_scope (0.5.0)
    i18n (0.5.0beta3)
    i18n-missing_translations (0.0.1)
    inherited_resources (1.1.2)
      has_scope (~> 0.5.0)
      responders (~> 0.6.0)
    inherited_resources_helpers (0.0.14)
    json (1.4.6)
    kronn-has_many_polymorphs (3.0.2)
      activerecord
    launchy (0.3.7)
      configuration (>= 0.0.5)
      rake (>= 0.8.1)
    linecache (0.43)
    mail (2.2.9.1)
      activesupport (>= 2.3.6)
      i18n (>= 0.4.1)
      mime-types (~> 1.16)
      treetop (~> 1.4.8)
    mime-types (1.16)
    minimal (0.0.22)
      actionpack (>= 3.0.0)
      activesupport (>= 3.0.0)
    mocha (0.9.9)
      rake
    nokogiri (1.4.4)
    polyglot (0.3.1)
    rack (1.2.1)
    rack-cache (0.5.3)
      rack (>= 0.4)
    rack-cache-purge (0.0.2)
      rack-cache (~> 0.5)
    rack-cache-tags (0.0.6)
    rack-mount (0.6.13)
      rack (>= 1.0.0)
    rack-test (0.5.6)
      rack (>= 1.0)
    rails (3.0.3)
      actionmailer (= 3.0.3)
      actionpack (= 3.0.3)
      activerecord (= 3.0.3)
      activeresource (= 3.0.3)
      activesupport (= 3.0.3)
      bundler (~> 1.0)
      railties (= 3.0.3)
    railties (3.0.3)
      actionpack (= 3.0.3)
      activesupport (= 3.0.3)
      rake (>= 0.8.7)
      thor (~> 0.14.4)
    rake (0.8.7)
    rdiscount (1.6.5)
    reference_tracking (0.0.4)
    responders (0.6.2)
    routing-filter (0.2.0)
      actionpack
    ruby-debug (0.10.4)
      columnize (>= 0.1)
      ruby-debug-base (~> 0.10.4.0)
    ruby-debug-base (0.10.4)
      linecache (>= 0.3)
    silence_log_tailer (0.0.1)
    simple_form (1.2.2)
    simple_nested_set (0.0.24)
      activerecord (~> 3.0.3)
      gem_patching
    simple_slugs (0.0.8)
      activerecord (~> 3.0.3)
      i18n
    simple_table (0.0.12)
      actionpack (~> 3.0.0)
      activesupport (~> 3.0.0)
    sqlite3-ruby (1.2.5)
    term-ansicolor (1.0.5)
    test_declarative (0.0.4)
    thor (0.14.6)
    treetop (1.4.9)
      polyglot (>= 0.3.1)
    truncate_html (0.4.0)
    tzinfo (0.3.23)
    watchr (0.7)
    webrat (0.7.0)
      nokogiri (>= 1.2.0)
      rack (>= 1.0)
      rack-test (>= 0.5.3)

PLATFORMS
  ruby

DEPENDENCIES
  adva-blog!
  adva-cache!
  adva-core!
  adva-markup!
  adva-static!
  cucumber (= 0.9.0)
  cucumber-rails (= 0.3.2)
  database_cleaner
  factory_girl (= 1.3.2)
  fakefs
  launchy
  mocha
  ruby-debug
  sqlite3-ruby (= 1.2.5)
  test_declarative
  thor
  webrat (= 0.7.0)

METADATA
  version: 1.0.6
